PATH
  remote: .
  specs:
    minuteman (2.0.0)
      ohm (~> 2.3.0)
      redic (~> 1.5.0)

GEM
  remote: https://rubygems.org/
  specs:
    clap (1.0.0)
    cutest (1.2.3)
      clap
    hiredis (0.6.1)
    msgpack (0.5.12)
    nido (1.0.0)
    ohm (2.3.0)
      msgpack (~> 0.5.0)
      nido
      redic (~> 1.5.0)
      stal
    redic (1.5.0)
      hiredis
    stal (0.3.0)
      redic (~> 1.5)

PLATFORMS
  ruby

DEPENDENCIES
  cutest (~> 1.2.2)
  minuteman!

BUNDLED WITH
   1.15.1
